GEM
  remote: https://rubygems.org/
  specs:
    backports (3.6.3)
    bson (1.11.1)
    bson_ext (1.11.1)
      bson (~> 1.11.1)
    coderay (1.0.9)
    method_source (0.8.2)
    mongo (1.11.1)
      bson (= 1.11.1)
    multi_json (1.9.0)
    pry (0.9.12.2)
      coderay (~> 1.0.5)
      method_source (~> 0.8)
      slop (~> 3.4)
    rack (1.5.2)
    rack-protection (1.5.3)
      rack
    rack-test (0.6.2)
      rack (>= 1.0)
    sinatra (1.4.5)
      rack (~> 1.4)
      rack-protection (~> 1.4)
      tilt (~> 1.3, >= 1.3.4)
    sinatra-contrib (1.4.2)
      backports (>= 2.0)
      multi_json
      rack-protection
      rack-test
      sinatra (~> 1.4.0)
      tilt (~> 1.3)
    sinatra-reloader (1.0)
      sinatra-contrib
    slop (3.4.6)
    tilt (1.4.1)

PLATFORMS
  ruby

DEPENDENCIES
  bson_ext
  mongo
  pry
  sinatra
  sinatra-reloader
